GEM
  remote: https://rubygems.org/
  specs:
    awesome_print (1.6.1)
    coderay (1.1.0)
    ffi (1.9.6)
    method_source (0.8.2)
    nice-ffi (0.4)
      ffi (>= 0.5.0)
    pry (0.10.1)
      coderay (~> 1.1.0)
      method_source (~> 0.8.1)
      slop (~> 3.4)
    rake (10.4.2)
    ruby-sdl-ffi (0.4)
      nice-ffi (>= 0.2)
    rubygame (2.6.4)
      rake (>= 0.7.0)
      ruby-sdl-ffi (>= 0.1.0)
    slop (3.6.0)

PLATFORMS
  ruby

DEPENDENCIES
  awesome_print
  pry
  rubygame
